PATH
  remote: .
  specs:
    empyrean (0.0.2)

GEM
  specs:

PLATFORMS
  ruby

DEPENDENCIES
  empyrean!
