PATH
  remote: .
  specs:
    empyrean (0.1.0)

GEM
  specs:

PLATFORMS
  ruby

DEPENDENCIES
  empyrean!
