PATH
  remote: .
  specs:
    empyrean (0.1.2)

GEM
  remote: https://rubygems.org/
  specs:

PLATFORMS
  ruby

DEPENDENCIES
  empyrean!
